GEM
  remote: https://rubygems.org/
  specs:
    id3tag (0.8.0)
    json (2.3.0)

PLATFORMS
  ruby

DEPENDENCIES
  id3tag (= 0.8.0)
  json (= 2.3.0)

BUNDLED WITH
   2.0.2
